GIT
  remote: https://github.com/dr0verride/RubyTree.git
  revision: 06f53ee78cc2a48377c1bd177d3bc83c1504701c
  ref: 06f53ee
  specs:
    rubytree (0.9.7)
      json (~> 1.8)

GIT
  remote: https://github.com/finnlabs/openproject-global_roles.git
  revision: 55e9f7e9fd40c1be8d678620a25b063eefde41de
  branch: stable/7
  specs:
    openproject-global_roles (7.4.1)
      rails (~> 5.0.0)

GIT
  remote: https://github.com/finnlabs/openproject-local_avatars.git
  revision: ff690766f6cae16e62ca22f3fe3c01b51781d715
  branch: stable/7
  specs:
    openproject-local_avatars (7.3.2)
      rails (~> 5.0)
      rmagick (~> 2.15.4)

GIT
  remote: https://github.com/finnlabs/openproject-my_project_page.git
  revision: 692dcd8fce7872e20dd36bccaa7b48bddc3c4ce8
  branch: stable/7
  specs:
    openproject-my_project_page (7.4.1)
      rails (~> 5.0.0)

GIT
  remote: https://github.com/finnlabs/openproject-pdf_export.git
  revision: eb4609b5048ba12a94b84531b5990f9a2cd2d69c
  branch: stable/7
  specs:
    openproject-pdf_export (7.4.1)
      pdf-inspector (~> 1.3.0)
      prawn (~> 2.2)

GIT
  remote: https://github.com/finnlabs/openproject-webhooks.git
  revision: 548927e939cd9d37a3b1bf1059befb03dfe64750
  branch: stable/7
  specs:
    openproject-webhooks (7.4.1)
      rails (~> 5.0)

GIT
  remote: https://github.com/finnlabs/openproject-xls_export.git
  revision: 348db018972f4309004de881e5272ceee87aa76c
  branch: stable/7
  specs:
    openproject-xls_export (7.4.1)
      rails (~> 5.0.0)
      spreadsheet (~> 0.8.9)

GIT
  remote: https://github.com/finnlabs/rspec-example_disabler.git
  revision: deb9c38e3f4e3688724583ac1ff58e1ae8aba409
  specs:
    rspec-example_disabler (0.0.1)

GIT
  remote: https://github.com/finnlabs/transactional_lock.git
  revision: 6948b1d446db0da5645e68ffeeddca1c4944c3bc
  branch: master
  specs:
    transactional_lock (0.1.0)
      activerecord (>= 4.0)

GIT
  remote: https://github.com/globalize/globalize
  revision: 38443bcd07da78b7b8a9433e4c6c32dd51f964a3
  ref: 38443bcd
  specs:
    globalize (5.1.0)
      activemodel (>= 4.2, < 5.1)
      activerecord (>= 4.2, < 5.1)
      request_store (~> 1.0)

GIT
  remote: https://github.com/goodwill/capybara-select2
  revision: 585192e4bb0db8d52e761ab68f08c17294806447
  ref: 585192e
  specs:
    capybara-select2 (1.0.1)
      capybara
      rspec

GIT
  remote: https://github.com/oliverguenther/omniauth
  revision: 40c6f5f751d2da7cce5444bbd96c390c450440a9
  ref: 40c6f5f751d2da7cce5444bbd96c390c450440a9
  specs:
    omniauth (1.6.1)
      hashie (>= 3.4.6, < 3.6.0)
      rack (>= 1.6.2, < 3)

GIT
  remote: https://github.com/opf/openproject-translations.git
  revision: 52a08551cf5562f14b2eeadb31bcb64bafd303a2
  branch: translations-in-core
  specs:
    openproject-translations (7.4.0)
      crowdin-api (~> 0.5.0)
      mixlib-shellout (~> 2.1.0)
      rails (~> 5.0.0)
      rubyzip

GIT
  remote: https://github.com/opf/rails-angular-xss
  revision: a45267d53d32610bad01f903e9f1b49a81b7c37b
  ref: a45267d5
  specs:
    rails-angular-xss (0.3.0.pre.pre)
      rails (>= 5.0.0, < 5.1)

GIT
  remote: https://github.com/qqqwerty/openproject-reporting.git
  revision: 3e94a7a5821b64f3fce577640a580b53024d0beb
  branch: stable/7
  specs:
    openproject-reporting (7.4.1)
      jquery-tablesorter (~> 1.22.3)
      openproject-costs (= 7.4.1)
      rails (~> 5.0.0)
      reporting_engine (>= 1.1.0)

GIT
  remote: https://github.com/qqqwerty/reporting_engine.git
  revision: 7ae0aa7f173122945d08ff9574e06e7a8a279bb0
  branch: stable/7
  specs:
    reporting_engine (7.4.1)
      json
      rails (~> 5.0.0)

GIT
  remote: https://github.com/rspec/rspec-activemodel-mocks
  revision: 3ab201ad091619bac1b2d8d990481b23e093b3b6
  specs:
    rspec-activemodel-mocks (1.0.3)
      activemodel (>= 3.0)
      activesupport (>= 3.0)
      rspec-mocks (>= 2.99, < 4.0)

PATH
  remote: vendored-plugins/openproject-costs
  specs:
    openproject-costs (7.4.1)
      rails (~> 5.0.0)

PATH
  remote: vendored-plugins/openproject-documents
  specs:
    openproject-documents (7.4.1)
      rails (~> 5.0.0)

PATH
  remote: vendored-plugins/openproject-meeting
  specs:
    openproject-meeting (7.4.1)
      icalendar (~> 2.3.0)
      rails (~> 5.0.0)

GEM
  remote: https://rubygems.org/
  specs:
    Ascii85 (1.0.3)
    actioncable (5.0.6)
      actionpack (= 5.0.6)
      nio4r (>= 1.2, < 3.0)
      websocket-driver (~> 0.6.1)
    actionmailer (5.0.6)
      actionpack (= 5.0.6)
      actionview (= 5.0.6)
      activejob (= 5.0.6)
      mail (~> 2.5, >= 2.5.4)
      rails-dom-testing (~> 2.0)
    actionpack (5.0.6)
      actionview (= 5.0.6)
      activesupport (= 5.0.6)
      rack (~> 2.0)
      rack-test (~> 0.6.3)
      rails-dom-testing (~> 2.0)
      rails-html-sanitizer (~> 1.0, >= 1.0.2)
    actionpack-xml_parser (2.0.1)
      actionpack (>= 5.0)
      railties (>= 5.0)
    actionview (5.0.6)
      activesupport (= 5.0.6)
      builder (~> 3.1)
      erubis (~> 2.7.0)
      rails-dom-testing (~> 2.0)
      rails-html-sanitizer (~> 1.0, >= 1.0.3)
    active_record_query_trace (1.5.4)
    activejob (5.0.6)
      activesupport (= 5.0.6)
      globalid (>= 0.3.6)
    activemodel (5.0.6)
      activesupport (= 5.0.6)
    activemodel-serializers-xml (1.0.2)
      activemodel (> 5.x)
      activesupport (> 5.x)
      builder (~> 3.1)
    activerecord (5.0.6)
      activemodel (= 5.0.6)
      activesupport (= 5.0.6)
      arel (~> 7.0)
    activerecord-session_store (1.1.0)
      actionpack (>= 4.0, < 5.2)
      activerecord (>= 4.0, < 5.2)
      multi_json (~> 1.11, >= 1.11.2)
      rack (>= 1.5.2, < 3)
      railties (>= 4.0, < 5.2)
    activesupport (5.0.6)
      concurrent-ruby (~> 1.0, >= 1.0.2)
      i18n (~> 0.7)
      minitest (~> 5.1)
      tzinfo (~> 1.1)
    acts_as_list (0.9.10)
      activerecord (>= 3.0)
    acts_as_tree (2.7.1)
      activerecord (>= 3.0.0)
    addressable (2.5.2)
      public_suffix (>= 2.0.2, < 4.0)
    afm (0.2.2)
    airbrake (5.1.0)
      airbrake-ruby (~> 1.1)
    airbrake-ruby (1.8.0)
    arel (7.1.4)
    ast (2.4.0)
    autoprefixer-rails (7.1.6)
      execjs
    awesome_nested_set (3.1.4)
      activerecord (>= 4.0.0, < 5.3)
    aws-sdk (2.10.134)
      aws-sdk-resources (= 2.10.134)
    aws-sdk-core (2.10.134)
      aws-sigv4 (~> 1.0)
      jmespath (~> 1.0)
    aws-sdk-resources (2.10.134)
      aws-sdk-core (= 2.10.134)
    aws-sigv4 (1.0.2)
    axiom-types (0.1.1)
      descendants_tracker (~> 0.0.4)
      ice_nine (~> 0.11.0)
      thread_safe (~> 0.3, >= 0.3.1)
    backports (3.11.1)
    bcrypt (3.1.11)
    binding_of_caller (0.8.0)
      debug_inspector (>= 0.0.1)
    bootsnap (1.1.8)
      msgpack (~> 1.0)
    bourbon (4.3.4)
      sass (~> 3.4)
      thor (~> 0.19)
    builder (3.2.3)
    byebug (9.0.6)
    capybara (2.15.4)
      addressable
      mini_mime (>= 0.1.3)
      nokogiri (>= 1.3.3)
      rack (>= 1.0.0)
      rack-test (>= 0.5.4)
      xpath (~> 2.0)
    capybara-ng (0.2.7)
    capybara-screenshot (1.0.18)
      capybara (>= 1.0, < 3)
      launchy
    carrierwave (1.2.2)
      activemodel (>= 4.0.0)
      activesupport (>= 4.0.0)
      mime-types (>= 1.16)
    cells (4.1.7)
      declarative-builder (< 0.2.0)
      declarative-option (< 0.2.0)
      tilt (>= 1.4, < 3)
      uber (< 0.2.0)
    cells-erb (0.0.9)
      cells (~> 4.0)
      erbse (>= 0.0.2, < 0.1.0)
    cells-rails (0.0.8)
      actionpack (>= 3.0)
      cells (>= 4.1.6, < 5.0.0)
    childprocess (0.8.0)
      ffi (~> 1.0, >= 1.0.11)
    climate_control (0.2.0)
    cocaine (0.5.8)
      climate_control (>= 0.0.3, < 1.0)
    coderay (1.1.2)
    coercible (1.0.0)
      descendants_tracker (~> 0.0.1)
    color-tools (1.3.0)
    concurrent-ruby (1.0.5)
    crack (0.4.3)
      safe_yaml (~> 1.0.0)
    crass (1.0.3)
    crowdin-api (0.5.0)
      rest-client (~> 2.0)
    cucumber (3.0.2)
      builder (>= 2.1.2)
      cucumber-core (~> 3.0.0)
      cucumber-expressions (~> 4.0.3)
      cucumber-wire (~> 0.0.1)
      diff-lcs (~> 1.3)
      gherkin (~> 4.0)
      multi_json (>= 1.7.5, < 2.0)
      multi_test (>= 0.1.2)
    cucumber-core (3.0.0)
      backports (>= 3.8.0)
      cucumber-tag_expressions (>= 1.0.1)
      gherkin (>= 4.1.3)
    cucumber-expressions (4.0.4)
    cucumber-rails (1.5.0)
      capybara (>= 1.1.2, < 3)
      cucumber (>= 1.3.8, < 4)
      mime-types (>= 1.17, < 4)
      nokogiri (~> 1.5)
      railties (>= 4, < 5.2)
    cucumber-tag_expressions (1.1.1)
    cucumber-wire (0.0.1)
    daemons (1.2.6)
    dalli (2.7.6)
    database_cleaner (1.6.2)
    date_validator (0.9.0)
      activemodel
      activesupport
    debug_inspector (0.0.3)
    declarative (0.0.10)
    declarative-builder (0.1.0)
      declarative-option (< 0.2.0)
    declarative-option (0.1.0)
    delayed_job (4.1.4)
      activesupport (>= 3.0, < 5.2)
    delayed_job_active_record (4.1.2)
      activerecord (>= 3.0, < 5.2)
      delayed_job (>= 3.0, < 5)
    descendants_tracker (0.0.4)
      thread_safe (~> 0.3, >= 0.3.1)
    diff-lcs (1.3)
    disposable (0.4.3)
      declarative (>= 0.0.9, < 1.0.0)
      declarative-builder (< 0.2.0)
      declarative-option (< 0.2.0)
      representable (>= 2.4.0, <= 3.1.0)
      uber (< 0.2.0)
    docile (1.1.5)
    domain_name (0.5.20170404)
      unf (>= 0.0.5, < 1.0.0)
    equalizer (0.0.11)
    equivalent-xml (0.6.0)
      nokogiri (>= 1.4.3)
    erbse (0.0.2)
    erubis (2.7.0)
    eventmachine (1.2.5)
    excon (0.60.0)
    execjs (2.7.0)
    factory_girl (4.9.0)
      activesupport (>= 3.0.0)
    factory_girl_rails (4.9.0)
      factory_girl (~> 4.9.0)
      railties (>= 3.0.0)
    faker (1.8.7)
      i18n (>= 0.7)
    ffi (1.9.23)
    fog-aws (2.0.1)
      fog-core (~> 1.38)
      fog-json (~> 1.0)
      fog-xml (~> 0.1)
      ipaddress (~> 0.8)
    fog-core (1.45.0)
      builder
      excon (~> 0.58)
      formatador (~> 0.2)
    fog-json (1.0.2)
      fog-core (~> 1.0)
      multi_json (~> 1.10)
    fog-xml (0.1.3)
      fog-core
      nokogiri (>= 1.5.11, < 2.0.0)
    formatador (0.2.5)
    friendly_id (5.2.3)
      activerecord (>= 4.0.0)
    fuubar (2.2.0)
      rspec-core (~> 3.0)
      ruby-progressbar (~> 1.4)
    get_process_mem (0.2.1)
    gherkin (4.1.3)
    globalid (0.4.1)
      activesupport (>= 4.2.0)
    gon (6.2.0)
      actionpack (>= 3.0)
      multi_json
      request_store (>= 1.0)
    grape (1.0.2)
      activesupport
      builder
      mustermann-grape (~> 1.0.0)
      rack (>= 1.3.0)
      rack-accept
      virtus (>= 1.0.0)
    hashdiff (0.3.7)
    hashery (2.1.2)
    hashie (3.5.7)
    health_check (2.7.0)
      rails (>= 4.0)
    htmldiff (0.0.1)
    http-cookie (1.0.3)
      domain_name (~> 0.5)
    i18n (0.9.5)
      concurrent-ruby (~> 1.0)
    i18n-js (3.0.5)
      i18n (>= 0.6.6, < 2)
    icalendar (2.3.0)
    ice_nine (0.11.2)
    interception (0.5)
    ipaddress (0.8.3)
    iso8601 (0.10.1)
    jmespath (1.3.1)
    jquery-tablesorter (1.22.7)
      railties (>= 3.2, < 6)
    json (1.8.6)
    json_spec (1.1.5)
      multi_json (~> 1.0)
      rspec (>= 2.0, < 4.0)
    kgio (2.11.2)
    launchy (2.4.3)
      addressable (~> 2.3)
    letter_opener (1.6.0)
      launchy (~> 2.2)
    livingstyleguide (2.0.2)
      minisyntax (>= 0.2.5)
      redcarpet
      sass
      thor
      tilt
    loofah (2.2.0)
      crass (~> 1.0.2)
      nokogiri (>= 1.5.9)
    mail (2.7.0)
      mini_mime (>= 0.1.1)
    meta-tags (2.6.0)
      actionpack (>= 3.2.0, < 5.3)
    method_source (0.9.0)
    mime-types (3.1)
      mime-types-data (~> 3.2015)
    mime-types-data (3.2016.0521)
    mini_mime (1.0.0)
    mini_portile2 (2.3.0)
    minisyntax (0.2.5)
    minitest (5.11.3)
    mixlib-shellout (2.1.0)
    msgpack (1.2.2)
    multi_json (1.12.2)
    multi_test (0.1.2)
    mustermann (1.0.2)
    mustermann-grape (1.0.0)
      mustermann (~> 1.0.0)
    mysql2 (0.4.10)
    net-ldap (0.16.1)
    netrc (0.11.0)
    newrelic_rpm (4.8.0.341)
    nio4r (2.2.0)
    nokogiri (1.8.2)
      mini_portile2 (~> 2.3.0)
    oj (3.3.10)
    okcomputer (1.16.0)
    openproject-token (1.0.1)
      activemodel (~> 5.0)
    parallel (1.12.1)
    parallel_tests (2.14.3)
      parallel
    parser (2.5.0.2)
      ast (~> 2.4.0)
    passenger (5.2.1)
      rack
      rake (>= 0.8.1)
    pdf-core (0.7.0)
    pdf-inspector (1.3.0)
      pdf-reader (>= 1.0, < 3.0.a)
    pdf-reader (2.1.0)
      Ascii85 (~> 1.0.0)
      afm (~> 0.2.1)
      hashery (~> 2.0)
      ruby-rc4
      ttfunk
    pg (0.21.0)
    powerpack (0.1.1)
    prawn (2.2.2)
      pdf-core (~> 0.7.0)
      ttfunk (~> 1.5)
    prawn-table (0.2.2)
      prawn (>= 1.3.0, < 3.0.0)
    pry (0.11.3)
      coderay (~> 1.1.0)
      method_source (~> 0.9.0)
    pry-byebug (3.4.3)
      byebug (>= 9.0, < 9.1)
      pry (~> 0.10)
    pry-rails (0.3.6)
      pry (>= 0.10.4)
    pry-rescue (1.4.5)
      interception (>= 0.5)
      pry
    pry-stack_explorer (0.4.9.2)
      binding_of_caller (>= 0.7)
      pry (>= 0.9.11)
    public_suffix (3.0.2)
    rabl (0.13.1)
      activesupport (>= 2.3.14)
    rack (2.0.4)
    rack-accept (0.4.5)
      rack (>= 0.4)
    rack-attack (5.0.1)
      rack
    rack-protection (2.0.1)
      rack
    rack-test (0.6.3)
      rack (>= 1.0)
    rack_session_access (0.1.1)
      builder (>= 2.0.0)
      rack (>= 1.0.0)
    rails (5.0.6)
      actioncable (= 5.0.6)
      actionmailer (= 5.0.6)
      actionpack (= 5.0.6)
      actionview (= 5.0.6)
      activejob (= 5.0.6)
      activemodel (= 5.0.6)
      activerecord (= 5.0.6)
      activesupport (= 5.0.6)
      bundler (>= 1.3.0)
      railties (= 5.0.6)
      sprockets-rails (>= 2.0.0)
    rails-controller-testing (1.0.2)
      actionpack (~> 5.x, >= 5.0.1)
      actionview (~> 5.x, >= 5.0.1)
      activesupport (~> 5.x)
    rails-dom-testing (2.0.3)
      activesupport (>= 4.2.0)
      nokogiri (>= 1.6)
    rails-html-sanitizer (1.0.3)
      loofah (~> 2.0)
    rails_12factor (0.0.3)
      rails_serve_static_assets
      rails_stdout_logging
    rails_autolink (1.1.6)
      rails (> 3.1)
    rails_serve_static_assets (0.0.5)
    rails_stdout_logging (0.0.5)
    railties (5.0.6)
      actionpack (= 5.0.6)
      activesupport (= 5.0.6)
      method_source
      rake (>= 0.8.7)
      thor (>= 0.18.1, < 2.0)
    rainbow (3.0.0)
    raindrops (0.19.0)
    rake (12.3.0)
    rb-fsevent (0.10.2)
    rb-inotify (0.9.10)
      ffi (>= 0.5.0, < 2)
    rdoc (6.0.1)
    redcarpet (3.4.0)
    reform (2.2.4)
      disposable (>= 0.4.1)
      representable (>= 2.4.0, < 3.1.0)
    reform-rails (0.1.7)
      activemodel (>= 3.2)
      reform (>= 2.2.0)
    representable (3.0.4)
      declarative (< 0.1.0)
      declarative-option (< 0.2.0)
      uber (< 0.2.0)
    request_store (1.3.2)
    responders (2.4.0)
      actionpack (>= 4.2.0, < 5.3)
      railties (>= 4.2.0, < 5.3)
    rest-client (2.0.2)
      http-cookie (>= 1.0.2, < 2.0)
      mime-types (>= 1.16, < 4.0)
      netrc (~> 0.8)
    retriable (3.1.1)
    rmagick (2.15.4)
    roar (1.1.0)
      representable (~> 3.0.0)
    rspec (3.5.0)
      rspec-core (~> 3.5.0)
      rspec-expectations (~> 3.5.0)
      rspec-mocks (~> 3.5.0)
    rspec-core (3.5.4)
      rspec-support (~> 3.5.0)
    rspec-expectations (3.5.0)
      diff-lcs (>= 1.2.0, < 2.0)
      rspec-support (~> 3.5.0)
    rspec-legacy_formatters (1.0.1)
      rspec (~> 3.0)
    rspec-mocks (3.5.0)
      diff-lcs (>= 1.2.0, < 2.0)
      rspec-support (~> 3.5.0)
    rspec-rails (3.5.2)
      actionpack (>= 3.0)
      activesupport (>= 3.0)
      railties (>= 3.0)
      rspec-core (~> 3.5.0)
      rspec-expectations (~> 3.5.0)
      rspec-mocks (~> 3.5.0)
      rspec-support (~> 3.5.0)
    rspec-retry (0.5.6)
      rspec-core (> 3.3, < 3.8)
    rspec-support (3.5.0)
    rubocop (0.52.1)
      parallel (~> 1.10)
      parser (>= 2.4.0.2, < 3.0)
      powerpack (~> 0.1)
      rainbow (>= 2.2.2, < 4.0)
      ruby-progressbar (~> 1.7)
      unicode-display_width (~> 1.0, >= 1.0.1)
    ruby-duration (3.2.3)
      activesupport (>= 3.0.0)
      i18n
      iso8601
    ruby-ole (1.2.12.1)
    ruby-progressbar (1.9.0)
    ruby-rc4 (0.1.5)
    rubyzip (1.2.1)
    safe_yaml (1.0.4)
    sass (3.5.1)
      sass-listen (~> 4.0.0)
    sass-listen (4.0.0)
      rb-fsevent (~> 0.9, >= 0.9.4)
      rb-inotify (~> 0.9, >= 0.9.7)
    sass-rails (5.0.7)
      railties (>= 4.0.0, < 6)
      sass (~> 3.1)
      sprockets (>= 2.8, < 4.0)
      sprockets-rails (>= 2.0, < 4.0)
      tilt (>= 1.1, < 3)
    selenium-webdriver (3.9.0)
      childprocess (~> 0.5)
      rubyzip (~> 1.2)
    shoulda-context (1.2.2)
    shoulda-matchers (3.1.2)
      activesupport (>= 4.0.0)
    simplecov (0.14.1)
      docile (~> 1.1.0)
      json (>= 1.8, < 3)
      simplecov-html (~> 0.10.0)
    simplecov-html (0.10.2)
    spreadsheet (0.8.9)
      ruby-ole (>= 1.0)
    sprockets (3.7.1)
      concurrent-ruby (~> 1.0)
      rack (> 1, < 3)
    sprockets-rails (3.2.1)
      actionpack (>= 4.0)
      activesupport (>= 4.0)
      sprockets (>= 3.0.0)
    sqlite3 (1.3.13)
    stringex (2.7.1)
    svg-graph (2.1.3)
    syck (1.3.0)
    sys-filesystem (1.1.9)
      ffi
    test-prof (0.4.8)
    thin (1.7.2)
      daemons (~> 1.0, >= 1.0.9)
      eventmachine (~> 1.0, >= 1.0.4)
      rack (>= 1, < 3)
    thor (0.20.0)
    thread_safe (0.3.6)
    tilt (2.0.8)
    timecop (0.9.1)
    ttfunk (1.5.1)
    typed_dag (2.0.2)
      rails (>= 5.0.4)
    tzinfo (1.2.5)
      thread_safe (~> 0.1)
    tzinfo-data (1.2017.3)
      tzinfo (>= 1.0.0)
    uber (0.1.0)
    unf (0.1.4)
      unf_ext
    unf_ext (0.0.7.5)
    unicode-display_width (1.3.0)
    unicorn (5.4.0)
      kgio (~> 2.6)
      raindrops (~> 0.7)
    unicorn-worker-killer (0.4.4)
      get_process_mem (~> 0)
      unicorn (>= 4, < 6)
    virtus (1.0.5)
      axiom-types (~> 0.1)
      coercible (~> 1.0)
      descendants_tracker (~> 0.0, >= 0.0.3)
      equalizer (~> 0.0, >= 0.0.9)
    warden (1.2.7)
      rack (>= 1.0)
    warden-basic_auth (0.2.1)
      warden (~> 1.2)
    webmock (3.1.1)
      addressable (>= 2.3.6)
      crack (>= 0.3.2)
      hashdiff
    websocket-driver (0.6.5)
      websocket-extensions (>= 0.1.0)
    websocket-extensions (0.1.3)
    will_paginate (3.1.6)
    xpath (2.1.0)
      nokogiri (~> 1.3)

PLATFORMS
  ruby

DEPENDENCIES
  actionpack-xml_parser (~> 2.0.0)
  active_record_query_trace
  activemodel-serializers-xml (~> 1.0.1)
  activerecord-session_store (~> 1.1.0)
  acts_as_list (~> 0.9.9)
  acts_as_tree (~> 2.7.0)
  airbrake (~> 5.1.0)
  autoprefixer-rails (~> 7.1.5)
  awesome_nested_set (~> 3.1.3)
  aws-sdk (~> 2.10.1)
  bcrypt (~> 3.1.6)
  bootsnap (~> 1.1.2)
  bourbon (~> 4.3.4)
  capybara (~> 2.15.0)
  capybara-ng (~> 0.2.7)
  capybara-screenshot (~> 1.0.14)
  capybara-select2!
  carrierwave (~> 1.2.2)
  cells-erb (~> 0.0.8)
  cells-rails (~> 0.0.6)
  cocaine (~> 0.5.8)
  coderay (~> 1.1.2)
  color-tools (~> 1.3.0)
  cucumber (~> 3.0.0)
  cucumber-rails (~> 1.5.0)
  daemons
  dalli (~> 2.7.6)
  database_cleaner (~> 1.6)
  date_validator (~> 0.9.0)
  delayed_job_active_record (~> 4.1.1)
  equivalent-xml (~> 0.6)
  factory_girl (~> 4.5)
  factory_girl_rails (~> 4.7)
  faker
  fog-aws
  friendly_id (~> 5.2.1)
  fuubar (~> 2.2.0)
  globalize!
  gon (~> 6.2.0)
  grape (~> 1.0.0)
  health_check
  htmldiff
  i18n-js (~> 3.0.0)
  json_spec (~> 1.1.4)
  launchy (~> 2.4.3)
  letter_opener
  livingstyleguide (~> 2.0.1)
  meta-tags (~> 2.6.0)
  multi_json (~> 1.12.1)
  mysql2 (~> 0.4.4)
  net-ldap (~> 0.16.0)
  newrelic_rpm
  nokogiri (~> 1.8.2)
  oj (~> 3.3.2)
  okcomputer (~> 1.16.0)
  omniauth!
  openproject-costs!
  openproject-documents!
  openproject-global_roles!
  openproject-local_avatars!
  openproject-meeting!
  openproject-my_project_page!
  openproject-pdf_export!
  openproject-reporting!
  openproject-token (~> 1.0.1)
  openproject-translations!
  openproject-webhooks!
  openproject-xls_export!
  parallel_tests (~> 2.14.0)
  passenger
  pdf-inspector (~> 1.3.0)
  pg (~> 0.21.0)
  prawn (~> 2.2)
  prawn-table (~> 0.2.2)
  pry-byebug (~> 3.4.2)
  pry-rails (~> 0.3.6)
  pry-rescue (~> 1.4.5)
  pry-stack_explorer (~> 0.4.9.2)
  rabl (~> 0.13.0)
  rack-attack (~> 5.0.1)
  rack-protection (~> 2.0.0)
  rack-test (~> 0.6.3)
  rack_session_access
  rails (~> 5.0.6)
  rails-angular-xss!
  rails-controller-testing (~> 1.0.2)
  rails_12factor
  rails_autolink (~> 1.1.6)
  rdoc (>= 2.4.2)
  reform (~> 2.2.0)
  reform-rails (~> 0.1.7)
  reporting_engine!
  request_store (~> 1.3.1)
  responders (~> 2.4)
  retriable (~> 3.0)
  roar (~> 1.1.0)
  rspec (~> 3.5.0)
  rspec-activemodel-mocks (~> 1.0.3)!
  rspec-example_disabler!
  rspec-legacy_formatters (~> 1.0.1)
  rspec-rails (~> 3.5.2)
  rspec-retry (~> 0.5.5)
  rubocop
  ruby-duration (~> 3.2.0)
  ruby-progressbar
  rubytree!
  sass (= 3.5.1)
  sass-rails (~> 5.0.6)
  selenium-webdriver (~> 3.6)
  shoulda-context (~> 1.2)
  shoulda-matchers (~> 3.1)
  simplecov (~> 0.14.0)
  sprockets (~> 3.7.0)
  sqlite3
  stringex (~> 2.7.1)
  svg-graph (~> 2.1.0)
  syck (~> 1.3.0)
  sys-filesystem (~> 1.1.4)
  test-prof
  thin (~> 1.7.2)
  timecop (~> 0.9.0)
  transactional_lock!
  typed_dag (~> 2.0.2)
  tzinfo-data (~> 1.2017.2)
  unicorn
  unicorn-worker-killer
  warden (~> 1.2)
  warden-basic_auth (~> 0.2.1)
  webmock (~> 3.1.0)
  will_paginate (~> 3.1.0)

RUBY VERSION
   ruby 2.4.2p198

BUNDLED WITH
   1.16.1
